GEM
  remote: https://rubygems.org/
  specs:
    beaneater (1.1.3)
    ffi (1.15.5)
    mini_portile2 (2.8.1)
    rake (13.0.6)
    rdkafka (0.12.0)
      ffi (~> 1.15)
      mini_portile2 (~> 2.6)
      rake (> 12)

PLATFORMS
  x86_64-linux

DEPENDENCIES
  beaneater
  rdkafka

RUBY VERSION
   ruby 3.2.1p31

BUNDLED WITH
   2.4.8
